GIT
  remote: https://github.com/ideacrew/aca_entities.git
  revision: a18535b9678a7db169c714fe002bff2c866480eb
  branch: chore_dependency_changes
  specs:
    aca_entities (0.10.0)
      deep_merge
      dry-monads (~> 1.5)
      dry-struct (~> 1.4)
      dry-transformer (~> 0.1.1)
      dry-types (~> 1.5)
      dry-validation (~> 1.2)
      iso_country_codes
      json-schema
      nokogiri-happymapper
      oj (~> 3.11)
      rbnacl (~> 7.1)

GIT
  remote: https://github.com/ideacrew/event_source.git
  revision: 184b38beb18f05fdcb8ff24229b0404145f95b4f
  branch: chore_relax_dependencies
  specs:
    event_source (0.5.7)
      addressable (>= 2.8.0)
      bunny (>= 2.14)
      deep_merge (~> 1.2.0)
      dry-configurable (~> 0.12)
      dry-events (~> 0.3)
      dry-inflector (~> 0.2)
      dry-initializer (~> 3.0)
      dry-monads (~> 1.3)
      dry-schema (~> 1.6)
      dry-struct (~> 1.4)
      dry-types (~> 1.5)
      dry-validation (~> 1.6)
      faraday (~> 1.4.1)
      faraday_middleware (~> 1.0)
      logging (~> 2.3.0)
      mime-types
      nokogiri (>= 1.13.0)
      oj (~> 3.11)
      ox (~> 2.14)
      resque-bus (~> 0.7.0)
      typhoeus (~> 1.4.0)

GIT
  remote: https://github.com/ideacrew/resource_registry.git
  revision: a326734ffeb5424edadbac75c500742302185f5a
  branch: upgrade_dry_configurable
  specs:
    resource_registry (0.7.0)
      bootsnap (~> 1.0)
      deep_merge (>= 1.0.0)
      dry-configurable (~> 0.12)
      dry-container (~> 0.9)
      dry-matcher (~> 0.7)
      dry-monads (~> 1.5)
      dry-struct (~> 1.0)
      dry-types (~> 1.0)
      dry-validation (~> 1.8)
      i18n (>= 0.7.0)
      mime-types
      ox (~> 2.0)

GEM
  remote: https://rubygems.org/
  specs:
    addressable (2.8.5)
      public_suffix (>= 2.0.2, < 6.0)
    amq-protocol (2.3.2)
    bootsnap (1.16.0)
      msgpack (~> 1.2)
    bunny (2.22.0)
      amq-protocol (~> 2.3, >= 2.3.1)
      sorted_set (~> 1, >= 1.0.2)
    concurrent-ruby (1.2.2)
    connection_pool (2.4.1)
    deep_merge (1.2.2)
    dry-configurable (0.16.1)
      dry-core (~> 0.6)
      zeitwerk (~> 2.6)
    dry-container (0.11.0)
      concurrent-ruby (~> 1.0)
    dry-core (0.9.1)
      concurrent-ruby (~> 1.0)
      zeitwerk (~> 2.6)
    dry-events (0.4.0)
      concurrent-ruby (~> 1.0)
      dry-core (~> 0.9, >= 0.9)
    dry-inflector (0.3.0)
    dry-initializer (3.1.1)
    dry-logic (1.3.0)
      concurrent-ruby (~> 1.0)
      dry-core (~> 0.9, >= 0.9)
      zeitwerk (~> 2.6)
    dry-matcher (0.9.0)
      dry-core (~> 0.4, >= 0.4.8)
    dry-monads (1.5.0)
      concurrent-ruby (~> 1.0)
      dry-core (~> 0.9, >= 0.9)
      zeitwerk (~> 2.6)
    dry-schema (1.11.3)
      concurrent-ruby (~> 1.0)
      dry-configurable (~> 0.16, >= 0.16)
      dry-core (~> 0.9, >= 0.9)
      dry-initializer (~> 3.0)
      dry-logic (~> 1.3)
      dry-types (~> 1.6)
      zeitwerk (~> 2.6)
    dry-struct (1.5.2)
      dry-core (~> 0.9, >= 0.9)
      dry-types (~> 1.6)
      ice_nine (~> 0.11)
      zeitwerk (~> 2.6)
    dry-transformer (0.1.1)
    dry-types (1.6.1)
      concurrent-ruby (~> 1.0)
      dry-container (~> 0.3)
      dry-core (~> 0.9, >= 0.9)
      dry-inflector (~> 0.1, >= 0.1.2)
      dry-logic (~> 1.3, >= 1.3)
      zeitwerk (~> 2.6)
    dry-validation (1.9.0)
      concurrent-ruby (~> 1.0)
      dry-container (~> 0.7, >= 0.7.1)
      dry-core (~> 0.9, >= 0.9)
      dry-initializer (~> 3.0)
      dry-schema (~> 1.11, >= 1.11.0)
      zeitwerk (~> 2.6)
    et-orbi (1.2.7)
      tzinfo
    ethon (0.16.0)
      ffi (>= 1.15.0)
    faraday (1.4.3)
      faraday-em_http (~> 1.0)
      faraday-em_synchrony (~> 1.0)
      faraday-excon (~> 1.1)
      faraday-net_http (~> 1.0)
      faraday-net_http_persistent (~> 1.1)
      multipart-post (>= 1.2, < 3)
      ruby2_keywords (>= 0.0.4)
    faraday-em_http (1.0.0)
    faraday-em_synchrony (1.0.0)
    faraday-excon (1.1.0)
    faraday-net_http (1.0.1)
    faraday-net_http_persistent (1.2.0)
    faraday_middleware (1.2.0)
      faraday (~> 1.0)
    ffi (1.15.5)
    fugit (1.8.1)
      et-orbi (~> 1, >= 1.2.7)
      raabro (~> 1.4)
    i18n (1.14.1)
      concurrent-ruby (~> 1.0)
    ice_nine (0.11.2)
    iso_country_codes (0.7.8)
    json-schema (4.0.0)
      addressable (>= 2.8)
    little-plugger (1.1.4)
    logging (2.3.1)
      little-plugger (~> 1.1)
      multi_json (~> 1.14)
    mime-types (3.5.1)
      mime-types-data (~> 3.2015)
    mime-types-data (3.2023.0808)
    mono_logger (1.1.2)
    msgpack (1.7.2)
    multi_json (1.15.0)
    multipart-post (2.3.0)
    mustermann (3.0.0)
      ruby2_keywords (~> 0.0.1)
    nokogiri (1.15.4-arm64-darwin)
      racc (~> 1.4)
    nokogiri-happymapper (0.9.0)
      nokogiri (~> 1.5)
    oj (3.16.0)
    ox (2.14.17)
    public_suffix (5.0.3)
    queue-bus (0.13.2)
      multi_json
      redis
    raabro (1.4.0)
    racc (1.7.1)
    rack (2.2.8)
    rack-protection (3.1.0)
      rack (~> 2.2, >= 2.2.4)
    rbnacl (7.1.1)
      ffi
    rbtree (0.4.6)
    redis (5.0.7)
      redis-client (>= 0.9.0)
    redis-client (0.16.0)
      connection_pool
    redis-namespace (1.11.0)
      redis (>= 4)
    resque (1.27.4)
      mono_logger (~> 1.0)
      multi_json (~> 1.0)
      redis-namespace (~> 1.3)
      sinatra (>= 0.9.2)
      vegas (~> 0.1.2)
    resque-bus (0.7.0)
      queue-bus (>= 0.7, < 1)
      resque (>= 1.10.0, < 2.0)
      resque-retry
      resque-scheduler (>= 2.0.1)
    resque-retry (1.8.1)
      resque (>= 1.25, < 3.0)
      resque-scheduler (>= 4.0, < 6.0)
    resque-scheduler (4.10.0)
      mono_logger (~> 1.0)
      redis (>= 3.3)
      resque (>= 1.27)
      rufus-scheduler (~> 3.2, != 3.3)
    ruby2_keywords (0.0.5)
    rufus-scheduler (3.9.1)
      fugit (~> 1.1, >= 1.1.6)
    set (1.0.3)
    sinatra (3.1.0)
      mustermann (~> 3.0)
      rack (~> 2.2, >= 2.2.4)
      rack-protection (= 3.1.0)
      tilt (~> 2.0)
    sorted_set (1.0.3)
      rbtree
      set (~> 1.0)
    tilt (2.2.0)
    typhoeus (1.4.0)
      ethon (>= 0.9.0)
    tzinfo (2.0.6)
      concurrent-ruby (~> 1.0)
    vegas (0.1.11)
      rack (>= 1.0.0)
    zeitwerk (2.6.11)

PLATFORMS
  arm64-darwin-22

DEPENDENCIES
  aca_entities!
  event_source!
  resource_registry!

BUNDLED WITH
   2.4.15
